PATH
  remote: .
  specs:
    crispy-grid (0.6.0)
      sass (>= 3.1.2)

GEM
  remote: http://rubygems.org/
  specs:
    sass (3.4.21)

PLATFORMS
  ruby

DEPENDENCIES
  crispy-grid!

BUNDLED WITH
   1.11.2
